GEM
  remote: https://rubygems.org/
  specs:
    libv8 (4.5.95.5)

PLATFORMS
  ruby

DEPENDENCIES
  libv8 (= 4.5.95.5)

BUNDLED WITH
   1.11.2
